GIT
  remote: git://github.com/odorcicd/authlogic.git
  revision: a087ad0cba3c165ba22fcf176c28b6f7517931e8
  branch: rails3
  specs:
    authlogic (2.1.3)
      activesupport

GIT
  remote: git://github.com/rails/dynamic_form.git
  revision: ebb03213ef8268e24c60e5e162b811d199777227
  specs:
    dynamic_form (1.0.0)
      rails (>= 3.0.0)

GIT
  remote: git://github.com/sferik/rails_admin.git
  revision: bdf3d6fe89402e63f225d8b425f4647b2ac1c9cd
  specs:
    rails_admin (0.0.1)
      builder (~> 2.1.0)
      rails (~> 3.0.3)

GIT
  remote: http://github.com/thoughtbot/paperclip.git
  revision: 5eaadd2ceed193d7db4bcb2dc4f1c1d527d751a2
  specs:
    paperclip (2.3.8)
      activerecord
      activesupport

GEM
  remote: http://rubygems.org/
  specs:
    abstract (1.0.0)
    actionmailer (3.0.3)
      actionpack (= 3.0.3)
      mail (~> 2.2.9)
    actionpack (3.0.3)
      activemodel (= 3.0.3)
      activesupport (= 3.0.3)
      builder (~> 2.1.2)
      erubis (~> 2.6.6)
      i18n (~> 0.4)
      rack (~> 1.2.1)
      rack-mount (~> 0.6.13)
      rack-test (~> 0.5.6)
      tzinfo (~> 0.3.23)
    activemodel (3.0.3)
      activesupport (= 3.0.3)
      builder (~> 2.1.2)
      i18n (~> 0.4)
    activerecord (3.0.3)
      activemodel (= 3.0.3)
      activesupport (= 3.0.3)
      arel (~> 2.0.2)
      tzinfo (~> 0.3.23)
    activeresource (3.0.3)
      activemodel (= 3.0.3)
      activesupport (= 3.0.3)
    activesupport (3.0.3)
    acts-as-taggable-on (2.0.6)
    arel (2.0.6)
    bcrypt-ruby (2.1.3)
    builder (2.1.2)
    columnize (0.3.2)
    devise (1.1.5)
      bcrypt-ruby (~> 2.1.2)
      warden (~> 1.0.2)
    erubis (2.6.6)
      abstract (>= 1.0.0)
    i18n (0.5.0)
    linecache (0.43)
    mail (2.2.13)
      activesupport (>= 2.3.6)
      i18n (>= 0.4.0)
      mime-types (~> 1.16)
      treetop (~> 1.4.8)
    mime-types (1.16)
    mysql2 (0.2.6)
    polyglot (0.3.1)
    rack (1.2.1)
    rack-mount (0.6.13)
      rack (>= 1.0.0)
    rack-test (0.5.6)
      rack (>= 1.0)
    rails (3.0.3)
      actionmailer (= 3.0.3)
      actionpack (= 3.0.3)
      activerecord (= 3.0.3)
      activeresource (= 3.0.3)
      activesupport (= 3.0.3)
      bundler (~> 1.0)
      railties (= 3.0.3)
    railties (3.0.3)
      actionpack (= 3.0.3)
      activesupport (= 3.0.3)
      rake (>= 0.8.7)
      thor (~> 0.14.4)
    rake (0.8.7)
    ruby-debug (0.10.4)
      columnize (>= 0.1)
      ruby-debug-base (~> 0.10.4.0)
    ruby-debug-base (0.10.4)
      linecache (>= 0.3)
    simple_form (1.3.0)
      rails (~> 3.0.0)
    thor (0.14.6)
    treetop (1.4.9)
      polyglot (>= 0.3.1)
    tzinfo (0.3.23)
    warden (1.0.3)
      rack (>= 1.0.0)
    will_paginate (3.0.pre2)

PLATFORMS
  ruby

DEPENDENCIES
  acts-as-taggable-on
  authlogic!
  devise
  dynamic_form!
  mail
  mysql2
  paperclip!
  rails (= 3.0.3)
  rails_admin!
  ruby-debug
  simple_form
  will_paginate (>= 3.0.pre2)
